GEM
  remote: https://rubygems.org/
  specs:
    activemodel (3.2.13)
      activesupport (= 3.2.13)
      builder (~> 3.0.0)
    activesupport (3.2.13)
      i18n (= 0.6.1)
      multi_json (~> 1.0)
    alias (0.2.3)
    awesome_print (1.1.0)
    boson (1.2.4)
    boson-more (0.2.2)
      boson (>= 1.2.0)
    builder (3.0.4)
    census_api (1.0.1)
      hpricot
      rest-client
    clipboard (1.0.5)
    coderay (1.0.9)
    dotenv (0.7.0)
    every_day_irb (1.5.0)
    fancy_irb (0.7.3)
      paint (>= 0.8.1)
      unicode-display_width (>= 0.1.1)
    ffi (1.8.1)
    ffi (1.8.1-x86-mingw32)
    foreman (0.63.0)
      dotenv (>= 0.7)
      thor (>= 0.13.6)
    foreman (0.63.0-x86-mingw32)
      dotenv (>= 0.7)
      thor (>= 0.13.6)
      win32console (~> 1.3.0)
    g (1.7.2)
    hirb (0.7.1)
    hpricot (0.8.6)
    httparty (0.11.0)
      multi_json (~> 1.0)
      multi_xml (>= 0.5.2)
    i18n (0.6.1)
    interactive_editor (0.0.10)
      spoon (>= 0.0.1)
    irbtools (1.5.0)
      alias (~> 0.2.3)
      awesome_print (~> 1.1.0)
      boson (~> 1.2.4)
      boson-more (~> 0.2.2)
      clipboard (~> 1.0.5)
      coderay (~> 1.0.9)
      every_day_irb (>= 1.5.0)
      fancy_irb (>= 0.7.3)
      g (>= 1.7.2)
      hirb (~> 0.7.1)
      interactive_editor (>= 0.0.10)
      method_locator (>= 0.0.4)
      method_source (>= 0.8.1)
      methodfinder (>= 1.2.5)
      ori (~> 0.1.0)
      paint (>= 0.8.6)
      wirb (>= 1.0.1)
      zucker (>= 13.1)
    json_pure (1.8.0)
    libxml-ruby (2.6.0)
    libxml-ruby (2.6.0-x86-mingw32)
    listen (1.1.4)
      rb-fsevent (>= 0.9.3)
      rb-inotify (>= 0.9)
      rb-kqueue (>= 0.2)
    method_locator (0.0.4)
    method_source (0.8.1)
    methodfinder (1.2.5)
    mime-types (1.23)
    multi_json (1.7.4)
    multi_xml (0.5.3)
    oauth (0.4.7)
    ori (0.1.0)
    paint (0.8.6)
    rack (1.5.2)
    rack-protection (1.5.0)
      rack
    rb-fsevent (0.9.3)
    rb-inotify (0.9.0)
      ffi (>= 0.5.0)
    rb-kqueue (0.2.0)
      ffi (>= 0.5.0)
    rerun (0.8.1)
      listen (>= 1.0.3)
    rest-client (1.6.7)
      mime-types (>= 1.16)
    rinruby (2.0.3)
    rosemary (0.3.12)
      activemodel (>= 3.0.20)
      builder (>= 2.1.2)
      httparty (>= 0.10.0)
      libxml-ruby (>= 2.4.0)
      oauth (>= 0.4.7)
    sinatra (1.4.2)
      rack (~> 1.5, >= 1.5.2)
      rack-protection (~> 1.4)
      tilt (~> 1.3, >= 1.3.4)
    sinatra-partial (0.4.0)
      sinatra
    spoon (0.0.4)
      ffi
    terminal-notifier (1.4.2)
    thor (0.18.1)
    tilt (1.4.1)
    unicode-display_width (0.1.1)
    win32console (1.3.2-x86-mingw32)
    wirb (1.0.1)
      paint
    xml-simple (1.1.2)
    zucker (13.1)

PLATFORMS
  ruby
  x86-mingw32

DEPENDENCIES
  activesupport
  census_api
  foreman
  irbtools
  json_pure
  rerun
  rest-client
  rinruby
  rosemary
  sinatra
  sinatra-partial
  terminal-notifier
  xml-simple
